GEM
  remote: https://rubygems.org/
  specs:
    airbrussh (1.3.2)
      sshkit (>= 1.6.1, != 1.7.0)
    capistrano (3.11.0)
      airbrussh (>= 1.0.0)
      i18n
      rake (>= 10.0.0)
      sshkit (>= 1.9.0)
    capistrano-locally (0.2.6)
      capistrano (~> 3.0)
    capistrano-nvm (0.0.7)
      capistrano (~> 3.1)
    capistrano-yarn (2.0.2)
      capistrano (~> 3.0)
    capistrano_pm2 (0.0.5)
      capistrano (~> 3.0, >= 3.0.0)
    concurrent-ruby (1.1.5)
    i18n (1.5.1)
      concurrent-ruby (~> 1.0)
    net-scp (2.0.0)
      net-ssh (>= 2.6.5, < 6.0.0)
    net-ssh (4.2.0)
    rake (12.3.3)
    sshkit (1.20.0)
      net-scp (>= 1.1.2)
      net-ssh (>= 2.8.0)

PLATFORMS
  ruby

DEPENDENCIES
  capistrano
  capistrano-locally
  capistrano-nvm
  capistrano-yarn
  capistrano_pm2

BUNDLED WITH
   1.17.3
